GIT
  remote: https://github.com/circleci/minitest-ci.git
  revision: 8b72b0f32f154d91b53d63d1d0a8a8fb3b01d726
  specs:
    minitest-ci (3.4.0)
      minitest (>= 5.0.6)

GEM
  remote: http://rubygems.org/
  specs:
    addressable (2.7.0)
      public_suffix (>= 2.0.2, < 5.0)
    aes (0.5.0)
    ansi (1.5.0)
    ast (2.4.0)
    builder (3.2.4)
    ci_reporter (2.0.0)
      builder (>= 2.1.2)
    ci_reporter_minitest (1.0.0)
      ci_reporter (~> 2.0)
      minitest (~> 5.0)
    codecov (0.1.16)
      json
      simplecov
      url
    colored (1.2)
    docile (1.3.2)
    ffi (1.9.25)
    ffi (1.9.25-x64-mingw32)
    ffi (1.9.25-x86-mingw32)
    geocoder (1.4.9)
    git (1.5.0)
    highline (2.0.3)
    jaro_winkler (1.5.4)
    json (1.8.6)
    launchy (2.4.3)
      addressable (~> 2.3)
    minitest (5.14.0)
    minitest-reporters (1.4.2)
      ansi
      builder
      minitest (>= 5.0)
      ruby-progressbar
    openstudio-standards (0.2.9)
    parallel (1.19.1)
    parser (2.7.0.2)
      ast (~> 2.4.0)
    powerpack (0.1.2)
    public_suffix (3.1.1)
    rainbow (3.0.0)
    rake (11.2.2)
    rubocop (0.60.0)
      jaro_winkler (~> 1.5.1)
      parallel (~> 1.10)
      parser (>= 2.5, != 2.5.1.1)
      powerpack (~> 0.1)
      rainbow (>= 2.2.2, < 4.0)
      ruby-progressbar (~> 1.7)
      unicode-display_width (~> 1.4.0)
    rubocop-checkstyle_formatter (0.4.0)
      rubocop (>= 0.35.1)
    ruby-progressbar (1.10.1)
    simplecov (0.17.1)
      docile (~> 1.1)
      json (>= 1.8, < 3)
      simplecov-html (~> 0.10.0)
    simplecov-html (0.10.2)
    unicode-display_width (1.4.1)
    url (0.3.2)

PLATFORMS
  ruby
  x64-mingw32
  x86-mingw32

DEPENDENCIES
  aes (~> 0.5.0)
  ci_reporter_minitest (~> 1.0.0)
  codecov
  colored (~> 1.2)
  ffi (~> 1.9.18)
  geocoder (~> 1.4.4)
  git
  highline
  json (~> 1.8)
  launchy
  minitest (~> 5.9)
  minitest-ci!
  minitest-reporters
  openstudio-standards (= 0.2.9)
  public_suffix (= 3.1.1)
  rake (~> 11.2.2)
  rubocop (~> 0.60.0)
  rubocop-checkstyle_formatter (~> 0.4.0)
  simplecov

BUNDLED WITH
   1.17.1
